NUGET
  remote: http://nuget.org/api/v2
  specs:
    Akka (1.0.4)
      Newtonsoft.Json (>= 7.0.1)
    Akka.FSharp (1.0.4)
      Akka (>= 1.0.4)
      FsPickler (>= 1.2.21)
      FSPowerPack.Core.Community (>= 3.0.0.0)
      FSPowerPack.Linq.Community (>= 3.0.0.0)
    FAKE (4.4.1)
    FSharp.Compiler.Service (1.4.0.5)
    FsPickler (1.3.7)
    FSPowerPack.Core.Community (3.0.0)
    FSPowerPack.Linq.Community (3.0.0)
      FSPowerPack.Core.Community
    Fuchu (0.6.0)
    Newtonsoft.Json (7.0.1)
    Unquote (3.0.0)
