NUGET
  remote: http://nuget.org/api/v2
  specs:
    FAKE (4.4.1)
    FSharp.Compiler.Service (1.4.0.5)
    FSharp.Core (3.1.2.5)
    Fuchu (0.6.0)
    Unquote (3.0.0)
