NUGET
  remote: http://nuget.org/api/v2
  specs:
    FAKE (4.7.2)
    FSharp.Compiler.Service (1.4.2.1)
    FSharp.Core (3.1.2.5)
    Fuchu (1.0.0)
      FSharp.Core (>= 3.1.2.1)
    Unquote (3.1.0)
  remote: C:\repos\oss\Http.fs\Release\NuGet
  specs:
    Http.fs (2.0)
      FSharp.Core (>= 3.1.2.1)
